GEM
  remote: https://rubygems.org/
  specs:
    RedCloth (4.2.9)
    activesupport (3.2.21)
      i18n (~> 0.6, >= 0.6.4)
      multi_json (~> 1.0)
    better_errors (1.0.1)
      coderay (>= 1.0.0)
      erubis (>= 2.6.6)
    celluloid (0.16.0)
      timers (~> 4.0.0)
    chronic (0.10.2)
    chunky_png (1.3.4)
    coderay (1.1.0)
    coffee-script (2.2.0)
      coffee-script-source
      execjs
    coffee-script-source (1.9.1.1)
    colorize (0.5.8)
    commonjs (0.2.7)
    compass (1.0.3)
      chunky_png (~> 1.2)
      compass-core (~> 1.0.2)
      compass-import-once (~> 1.0.5)
      rb-fsevent (>= 0.9.3)
      rb-inotify (>= 0.9)
      sass (>= 3.3.13, < 3.5)
    compass-core (1.0.3)
      multi_json (~> 1.0)
      sass (>= 3.3.0, < 3.5)
    compass-import-once (1.0.5)
      sass (>= 3.2, < 3.5)
    daemons (1.2.2)
    dragonfly (0.9.15)
      multi_json (~> 1.0)
      rack
    erubis (2.7.0)
    eventmachine (1.0.7)
    execjs (2.5.2)
    faker (0.9.5)
      i18n (~> 0.4)
    ffi (1.9.8)
    haml (4.0.6)
      tilt
    hike (1.2.3)
    hitimes (1.2.2)
    httmultiparty (0.3.10)
      httparty (>= 0.7.3)
      multipart-post
    httparty (0.13.5)
      json (~> 1.8)
      multi_xml (>= 0.5.2)
    i18n (0.6.11)
    json (1.8.3)
    less (2.2.2)
      commonjs (~> 0.2.6)
    libv8 (3.16.14.7)
    listen (2.7.12)
      celluloid (>= 0.15.2)
      rb-fsevent (>= 0.9.3)
      rb-inotify (>= 0.9)
    locomotivecms-liquid (2.6.0)
    locomotivecms-solid (0.2.2.1)
      locomotivecms-liquid (~> 2.6.0)
    locomotivecms_mounter (1.5.4)
      RedCloth (~> 4.2.3)
      activesupport (~> 3.2.21)
      chronic (~> 0.10.2)
      coffee-script (~> 2.2.0)
      colorize (~> 0.5.8)
      compass (~> 1.0.1, >= 0.12)
      haml (~> 4.0.5)
      httmultiparty (= 0.3.10)
      i18n (~> 0.6.11)
      json (~> 1.8.0)
      less (~> 2.2.1)
      logger
      mime-types (~> 1.19)
      multi_json (~> 1.8.4)
      sass (~> 3.4.4)
      sprockets-sass (~> 1.2.0)
      stringex (~> 2.0.3)
      tilt (= 1.4.1)
      tzinfo (~> 0.3.29)
      yui-compressor (~> 0.12.0)
      zip (~> 2.0.2)
    locomotivecms_wagon (1.5.5)
      RedCloth (~> 4.2.8)
      activesupport (~> 3.2.18)
      better_errors (~> 1.0.1)
      dragonfly (~> 0.9.12)
      faker (~> 0.9.5)
      httmultiparty (= 0.3.10)
      listen (~> 2.7.5)
      locomotivecms-solid (~> 0.2.2.1)
      locomotivecms_mounter (~> 1.5.4)
      netrc (~> 0.7.7)
      rack-cache (~> 1.1)
      rack-livereload (~> 0.3.15)
      redcarpet (~> 3.0.0)
      rubyzip (~> 1.1.0)
      thin (~> 1.6.1)
      thor
      will_paginate (~> 3.0.3)
    logger (1.2.8)
    mime-types (1.25.1)
    multi_json (1.8.4)
    multi_xml (0.5.5)
    multipart-post (2.0.0)
    netrc (0.7.9)
    rack (1.6.1)
    rack-cache (1.2)
      rack (>= 0.4)
    rack-livereload (0.3.15)
      rack
    rb-fsevent (0.9.5)
    rb-inotify (0.9.5)
      ffi (>= 0.5.0)
    redcarpet (3.0.0)
    ref (1.0.5)
    rubyzip (1.1.7)
    sass (3.4.14)
    sprockets (2.12.3)
      hike (~> 1.2)
      multi_json (~> 1.0)
      rack (~> 1.0)
      tilt (~> 1.1, != 1.3.0)
    sprockets-sass (1.2.0)
      sprockets (~> 2.0)
      tilt (~> 1.1)
    stringex (2.0.11)
    therubyracer (0.12.2)
      libv8 (~> 3.16.14.0)
      ref
    thin (1.6.3)
      daemons (~> 1.0, >= 1.0.9)
      eventmachine (~> 1.0)
      rack (~> 1.0)
    thor (0.19.1)
    tilt (1.4.1)
    timers (4.0.1)
      hitimes
    tzinfo (0.3.44)
    wdm (0.1.0)
    will_paginate (3.0.7)
    yui-compressor (0.12.0)
    zip (2.0.2)

PLATFORMS
  ruby

DEPENDENCIES
  locomotivecms_wagon (= 1.5.5)
  rb-fsevent (~> 0.9.1)
  rb-inotify (~> 0.9)
  therubyracer
  wdm (>= 0.1.0)
